GEM
  remote: http://www.rubygems.org/
  specs:
    backports (3.18.2)
    bcrypt (3.1.16)
    dotenv (2.7.5)
    faraday (1.1.0)
      multipart-post (>= 1.2, < 3)
      ruby2_keywords
    haml (5.1.2)
      temple (>= 0.8.0)
      tilt
    io-console (0.5.6)
    irb (1.2.4)
      reline (>= 0.0.1)
    minitest (5.14.0)
    multi_json (1.15.0)
    multipart-post (2.1.1)
    mustermann (1.1.1)
      ruby2_keywords (~> 0.0.1)
    nio4r (2.5.2)
    pdf-core (0.7.0)
    pg (1.2.3)
    prawn (2.2.2)
      pdf-core (~> 0.7.0)
      ttfunk (~> 1.5)
    puma (4.3.4)
      nio4r (~> 2.0)
    rack (2.2.2)
    rack-protection (2.0.8.1)
      rack
    rack-test (1.1.0)
      rack (>= 1.0, < 3)
    rake (13.0.1)
    reline (0.1.4)
      io-console (~> 0.5)
    ruby2_keywords (0.0.2)
    rubyzip (2.3.0)
    sequel (5.32.0)
    shotgun (0.9.2)
      rack (>= 1.0)
    sinatra (2.0.8.1)
      mustermann (~> 1.0)
      rack (~> 2.0)
      rack-protection (= 2.0.8.1)
      tilt (~> 2.0)
    sinatra-contrib (2.0.8.1)
      backports (>= 2.8.2)
      multi_json
      mustermann (~> 1.0)
      rack-protection (= 2.0.8.1)
      sinatra (= 2.0.8.1)
      tilt (~> 2.0)
    temple (0.8.2)
    tilt (2.0.10)
    ttfunk (1.6.2.1)

PLATFORMS
  ruby

DEPENDENCIES
  bcrypt
  dotenv
  faraday
  haml
  irb
  minitest
  pg
  prawn
  puma
  rack-test
  rake
  rubyzip
  sequel
  shotgun
  sinatra
  sinatra-contrib

BUNDLED WITH
   1.16.6
